GEM
  remote: https://rubygems.org/
  specs:
    activemodel (4.0.0)
      activesupport (= 4.0.0)
      builder (~> 3.1.0)
    activeresource (4.0.0)
      activemodel (~> 4.0)
      activesupport (~> 4.0)
      rails-observers (~> 0.1.1)
    activesupport (4.0.0)
      i18n (~> 0.6, >= 0.6.4)
      minitest (~> 4.2)
      multi_json (~> 1.3)
      thread_safe (~> 0.1)
      tzinfo (~> 0.3.37)
    atomic (1.1.14)
    aws-sdk (1.17.0)
      json (~> 1.4)
      nokogiri (< 1.6.0)
      uuidtools (~> 2.1)
    builder (3.1.4)
    diff-lcs (1.2.4)
    faraday (0.8.8)
      multipart-post (~> 1.2.0)
    given_core (3.1.1)
      sorcerer (>= 0.3.7)
    i18n (0.6.5)
    json (1.8.0)
    minitest (4.7.5)
    multi_json (1.8.0)
    multipart-post (1.2.0)
    newrelic_api (1.2.4)
    nokogiri (1.5.10)
    octokit (2.1.1)
      sawyer (~> 0.3.0)
    rails-observers (0.1.2)
      activemodel (~> 4.0)
    rake (10.1.0)
    rspec (2.14.1)
      rspec-core (~> 2.14.0)
      rspec-expectations (~> 2.14.0)
      rspec-mocks (~> 2.14.0)
    rspec-core (2.14.5)
    rspec-expectations (2.14.2)
      diff-lcs (>= 1.1.3, < 2.0)
    rspec-given (3.1.1)
      given_core (= 3.1.1)
      rspec (>= 2.12)
    rspec-mocks (2.14.3)
    sawyer (0.3.0)
      faraday (~> 0.8, < 0.10)
      uri_template (~> 0.5.0)
    sorcerer (1.0.2)
    thor (0.18.1)
    thread_safe (0.1.3)
      atomic
    tzinfo (0.3.37)
    uri_template (0.5.3)
    uuidtools (2.1.4)

PLATFORMS
  ruby

DEPENDENCIES
  activeresource
  aws-sdk
  newrelic_api
  octokit (~> 2.0)
  rake
  rspec-given
  thor
